GEM
  remote: https://rubygems.org/
  specs:
    git (1.2.6)
    rake (10.1.1)

PLATFORMS
  ruby

DEPENDENCIES
  git
  rake
